GEM
  remote: https://rubygems.org/
  specs:
    byebug (11.1.3)
    coderay (1.1.3)
    connection_pool (2.4.1)
    method_source (1.1.0)
    pry (0.14.2)
      coderay (~> 1.1)
      method_source (~> 1.0)
    pry-byebug (3.10.1)
      byebug (~> 11.0)
      pry (>= 0.13, < 0.15)
    redis (5.2.0)
      redis-client (>= 0.22.0)
    redis-client (0.22.1)
      connection_pool
    rexml (3.2.6)
    rss (0.3.0)
      rexml

PLATFORMS
  ruby
  x86_64-linux

DEPENDENCIES
  pry-byebug
  redis
  rss

BUNDLED WITH
   2.5.9
